GEM
  remote: https://rubygems.org/
  specs:
    parslet (1.8.1)
    rack (2.0.3)
    trollop (2.1.2)
    yarn (0.1.1)
      parslet (>= 1.2)
      rack (>= 1.3)
      trollop (>= 1.16)

PLATFORMS
  ruby

DEPENDENCIES
  yarn

BUNDLED WITH
   1.16.0
